PATH
  remote: .
  specs:
    contactually-api (0.0.7)
      activesupport (~> 5.1)
      faraday (~> 0.9)
      roar (~> 0.12)

GEM
  remote: http://rubygems.org/
  specs:
    activesupport (5.2.8.1)
      concurrent-ruby (~> 1.0, >= 1.0.2)
      i18n (>= 0.7, < 2)
      minitest (~> 5.1)
      tzinfo (~> 1.1)
    byebug (3.5.1)
      columnize (~> 0.8)
      debugger-linecache (~> 1.2)
      slop (~> 3.6)
    coderay (1.1.3)
    columnize (0.9.0)
    concurrent-ruby (1.2.2)
    debugger-linecache (1.2.0)
    diff-lcs (1.5.0)
    faraday (0.17.6)
      multipart-post (>= 1.2, < 3)
    i18n (1.14.1)
      concurrent-ruby (~> 1.0)
    method_source (1.0.0)
    mini_portile2 (2.8.2)
    minitest (5.18.0)
    multi_json (1.15.0)
    multipart-post (2.3.0)
    nokogiri (1.13.10)
      mini_portile2 (~> 2.8.0)
      racc (~> 1.4)
    pry (0.14.2)
      coderay (~> 1.1)
      method_source (~> 1.0)
    pry-byebug (2.0.0)
      byebug (~> 3.4)
      pry (~> 0.10)
    racc (1.7.0)
    rake (10.5.0)
    representable (1.8.5)
      multi_json
      nokogiri
      uber
    roar (0.12.9)
      representable (>= 1.6.0, < 2.0.0)
    rspec (3.12.0)
      rspec-core (~> 3.12.0)
      rspec-expectations (~> 3.12.0)
      rspec-mocks (~> 3.12.0)
    rspec-core (3.12.2)
      rspec-support (~> 3.12.0)
    rspec-expectations (3.12.3)
      diff-lcs (>= 1.2.0, < 2.0)
      rspec-support (~> 3.12.0)
    rspec-mocks (3.12.5)
      diff-lcs (>= 1.2.0, < 2.0)
      rspec-support (~> 3.12.0)
    rspec-support (3.12.0)
    slop (3.6.0)
    thread_safe (0.3.6)
    tzinfo (1.2.11)
      thread_safe (~> 0.1)
    uber (0.1.0)

PLATFORMS
  ruby

DEPENDENCIES
  contactually-api!
  pry-byebug (~> 2.0)
  rake (~> 10)
  rspec (~> 3)

BUNDLED WITH
   2.0.1
